GEM
  remote: https://rubygems.org/
  specs:
    cog-rb (0.1.15)
      rake (~> 11.2)
    rake (11.2.2)

PLATFORMS
  ruby

DEPENDENCIES
  cog-rb (~> 0.1.9)

BUNDLED WITH
   1.12.5
