GEM
  remote: https://rubygems.org/
  specs:
    cog-rb (0.1.5)

PLATFORMS
  ruby

DEPENDENCIES
  cog-rb

BUNDLED WITH
   1.12.4
